GEM
  remote: https://rubygems.org/
  specs:
    minruby (1.0.3)

PLATFORMS
  ruby

DEPENDENCIES
  minruby

BUNDLED WITH
   1.16.2
